PATH
  remote: .
  specs:
    pf2 (0.8.0)
      mini_portile2
      rake-compiler
      rb_sys (= 0.9.105)
      webrick

GEM
  remote: https://rubygems.org/
  specs:
    date (3.4.1)
    io-console (0.8.0)
    irb (1.15.1)
      pp (>= 0.6.0)
      rdoc (>= 4.0.0)
      reline (>= 0.4.2)
    mini_portile2 (2.8.8)
    minitest (5.21.2)
    pp (0.6.2)
      prettyprint
    prettyprint (0.2.0)
    psych (5.2.3)
      date
      stringio
    rake (13.2.1)
    rake-compiler (1.2.5)
      rake
    rb_sys (0.9.105)
    rdoc (6.12.0)
      psych (>= 4.0.0)
    reline (0.6.0)
      io-console (~> 0.5)
    stringio (3.1.5)
    webrick (1.8.1)

PLATFORMS
  x86_64-linux

DEPENDENCIES
  irb
  minitest
  pf2!
  rake (~> 13.2)

BUNDLED WITH
   2.4.19
