PATH
  remote: .
  specs:
    pf2 (0.1.0)
      rake-compiler
      rb_sys (~> 0.9.63)

GEM
  remote: https://rubygems.org/
  specs:
    rake (13.0.6)
    rake-compiler (1.2.5)
      rake
    rb_sys (0.9.82)

PLATFORMS
  x86_64-linux

DEPENDENCIES
  pf2!
  rake (~> 13.0)

BUNDLED WITH
   2.4.19
