PATH
  remote: .
  specs:
    pf2 (0.7.0)
      rake-compiler
      rb_sys (= 0.9.105)
      webrick

GEM
  remote: https://rubygems.org/
  specs:
    minitest (5.21.2)
    rake (13.0.6)
    rake-compiler (1.2.5)
      rake
    rb_sys (0.9.105)
    webrick (1.8.1)

PLATFORMS
  x86_64-linux

DEPENDENCIES
  minitest
  pf2!
  rake (~> 13.0)

BUNDLED WITH
   2.4.19
