PATH
  remote: .
  specs:
    pf2 (0.8.0)
      rake-compiler
      rb_sys (= 0.9.105)
      webrick

GEM
  remote: https://rubygems.org/
  specs:
    io-console (0.8.0)
    irb (1.15.1)
      pp (>= 0.6.0)
      rdoc (>= 4.0.0)
      reline (>= 0.4.2)
    minitest (5.21.2)
    pp (0.6.2)
      prettyprint
    prettyprint (0.2.0)
    rake (13.2.1)
    rake-compiler (1.2.5)
      rake
    rb_sys (0.9.105)
    rdoc (6.12.0)
    reline (0.6.0)
      io-console (~> 0.5)
    webrick (1.8.1)

PLATFORMS
  x86_64-linux

DEPENDENCIES
  irb
  minitest
  pf2!
  rake (~> 13.2)

BUNDLED WITH
   2.4.19
